GIT
  remote: git@github.com:VladyslavTodorchuk/CodeBreaker.git
  revision: 0fe29646b764331e81420e17019035fee1ab7899
  branch: development
  specs:
    codebreaker (0.1.0)

GEM
  remote: https://rubygems.org/
  specs:
    ast (2.4.2)
    colorize (0.8.1)
    diff-lcs (1.5.0)
    fasterer (0.10.0)
      colorize (~> 0.7)
      ruby_parser (>= 3.19.1)
    json (2.6.2)
    parallel (1.22.1)
    parser (3.1.2.1)
      ast (~> 2.4.1)
    rack (2.2.4)
    rackup (0.1.0)
      rack
      webrick
    rainbow (3.1.1)
    regexp_parser (2.5.0)
    rexml (3.2.5)
    rspec (3.11.0)
      rspec-core (~> 3.11.0)
      rspec-expectations (~> 3.11.0)
      rspec-mocks (~> 3.11.0)
    rspec-core (3.11.0)
      rspec-support (~> 3.11.0)
    rspec-expectations (3.11.0)
      diff-lcs (>= 1.2.0, < 2.0)
      rspec-support (~> 3.11.0)
    rspec-mocks (3.11.1)
      diff-lcs (>= 1.2.0, < 2.0)
      rspec-support (~> 3.11.0)
    rspec-support (3.11.0)
    rubocop (1.34.1)
      json (~> 2.3)
      parallel (~> 1.10)
      parser (>= 3.1.2.1)
      rainbow (>= 2.2.2, < 4.0)
      regexp_parser (>= 1.8, < 3.0)
      rexml (>= 3.2.5, < 4.0)
      rubocop-ast (>= 1.20.0, < 2.0)
      ruby-progressbar (~> 1.7)
      unicode-display_width (>= 1.4.0, < 3.0)
    rubocop-ast (1.21.0)
      parser (>= 3.1.1.0)
    rubocop-rspec (2.12.1)
      rubocop (~> 1.31)
    ruby-progressbar (1.11.0)
    ruby_parser (3.19.1)
      sexp_processor (~> 4.16)
    sexp_processor (4.16.1)
    unicode-display_width (2.2.0)
    webrick (1.7.0)
    yaml (0.2.0)

PLATFORMS
  x86_64-darwin-21

DEPENDENCIES
  codebreaker!
  fasterer
  rack
  rackup
  rspec
  rubocop
  rubocop-rspec
  yaml

RUBY VERSION
   ruby 3.1.2p20

BUNDLED WITH
   2.3.14
